GEM
  remote: https://rubygems.org/
  specs:
    httparty (0.13.5)
      json (~> 1.8)
      multi_xml (>= 0.5.2)
    json (1.8.3)
    multi_xml (0.5.5)
    pagerduty (2.0.1)
      json (>= 1.7.7)
    table_print (1.5.3)
    time-lord (1.0.1)

PLATFORMS
  ruby

DEPENDENCIES
  httparty
  pagerduty
  table_print
  time-lord
